PATH
  remote: .
  specs:
    walter_bishop (0.1.0)
      json

GEM
  remote: http://rubygems.org/
  specs:
    ZenTest (4.6.2)
    diff-lcs (1.1.3)
    json (1.6.1)
    rspec (2.7.0)
      rspec-core (~> 2.7.0)
      rspec-expectations (~> 2.7.0)
      rspec-mocks (~> 2.7.0)
    rspec-core (2.7.1)
    rspec-expectations (2.7.0)
      diff-lcs (~> 1.1.2)
    rspec-mocks (2.7.0)

PLATFORMS
  ruby

DEPENDENCIES
  ZenTest
  rspec
  walter_bishop!
